GEM
  remote: https://rubygems.org/
  specs:
    PageRankr (4.2.1)
      httparty (>= 0.9.0)
      json (>= 1.4.6)
      jsonpath (>= 0.4.2)
      nokogiri (>= 1.4.1)
      public_suffix (>= 1.4.4)
    actionmailer (4.2.5.2)
      actionpack (= 4.2.5.2)
      actionview (= 4.2.5.2)
      activejob (= 4.2.5.2)
      mail (~> 2.5, >= 2.5.4)
      rails-dom-testing (~> 1.0, >= 1.0.5)
    actionpack (4.2.5.2)
      actionview (= 4.2.5.2)
      activesupport (= 4.2.5.2)
      rack (~> 1.6)
      rack-test (~> 0.6.2)
      rails-dom-testing (~> 1.0, >= 1.0.5)
      rails-html-sanitizer (~> 1.0, >= 1.0.2)
    actionview (4.2.5.2)
      activesupport (= 4.2.5.2)
      builder (~> 3.1)
      erubis (~> 2.7.0)
      rails-dom-testing (~> 1.0, >= 1.0.5)
      rails-html-sanitizer (~> 1.0, >= 1.0.2)
    active_link_to (1.0.3)
      actionpack
    active_model_serializers (0.9.5)
      activemodel (>= 3.2)
    active_record_query_trace (1.5.3)
    active_type (0.5.0)
      activerecord (>= 3.2)
    activejob (4.2.5.2)
      activesupport (= 4.2.5.2)
      globalid (>= 0.3.0)
    activemodel (4.2.5.2)
      activesupport (= 4.2.5.2)
      builder (~> 3.1)
    activerecord (4.2.5.2)
      activemodel (= 4.2.5.2)
      activesupport (= 4.2.5.2)
      arel (~> 6.0)
    activerecord-import (0.11.0)
      activerecord (>= 3.0)
    activeresource (4.0.0)
      activemodel (~> 4.0)
      activesupport (~> 4.0)
      rails-observers (~> 0.1.1)
    activesupport (4.2.5.2)
      i18n (~> 0.7)
      json (~> 1.7, >= 1.7.7)
      minitest (~> 5.1)
      thread_safe (~> 0.3, >= 0.3.4)
      tzinfo (~> 1.1)
    activesupport-json_encoder (1.1.0)
      activesupport (>= 4.1.0, < 5.0)
    addressable (2.4.0)
    ahoy_matey (1.2.1)
      addressable
      browser (>= 0.4.0)
      errbase
      geocoder
      rails
      referer-parser (>= 0.3.0)
      request_store
      user_agent_parser
      uuidtools
    airbrake (4.0.0)
      builder
      multi_json
    annotate (2.7.1)
      activerecord (>= 3.2, < 6.0)
      rake (>= 10.4, < 12.0)
    ansi (1.5.0)
    appsignal (1.1.5)
      rack
      thread_safe
    ar_transaction_changes (1.1.0)
      activerecord (>= 3.0, < 6.0, != 4.2.3)
    arel (6.0.3)
    ast (2.2.0)
    awesome_print (1.6.1)
    aws-sdk (1.49.0)
      json (~> 1.4)
      nokogiri (>= 1.4.4)
    axiom-types (0.1.1)
      descendants_tracker (~> 0.0.4)
      ice_nine (~> 0.11.0)
      thread_safe (~> 0.3, >= 0.3.1)
    babel-source (5.8.35)
    babel-transpiler (0.7.0)
      babel-source (>= 4.0, < 6)
      execjs (~> 2.0)
    basecrm (1.1.3)
      faraday (~> 0.9, >= 0.9.0)
      json (~> 1.7, >= 1.7.7)
    bcrypt (3.1.11)
    better_errors (2.1.1)
      coderay (>= 1.0.0)
      erubis (>= 2.6.6)
      rack (>= 0.9.0)
    binding_of_caller (0.7.2)
      debug_inspector (>= 0.0.1)
    bloomfilter-rb (2.1.1)
      redis
    browser (0.7.2)
    browserify-rails (1.0.2)
      railties (>= 4.0.0, < 5.0)
    builder (3.2.2)
    bundler-audit (0.5.0)
      bundler (~> 1.2)
      thor (~> 0.18)
    byebug (8.2.5)
    callsite (0.0.11)
    cancancan (1.9.2)
    capistrano (3.3.5)
      capistrano-stats (~> 1.1.0)
      i18n
      rake (>= 10.0.0)
      sshkit (~> 1.3)
    capistrano-bundler (1.1.4)
      capistrano (~> 3.1)
      sshkit (~> 1.2)
    capistrano-ext (1.2.1)
      capistrano (>= 1.0.0)
    capistrano-figaro-yml (1.0.2)
      capistrano (~> 3.1)
      sshkit (~> 1.2, >= 1.2.0)
    capistrano-nvm (0.0.6)
      capistrano (~> 3.1)
    capistrano-rails (1.1.6)
      capistrano (~> 3.1)
      capistrano-bundler (~> 1.1)
    capistrano-stats (1.1.1)
    capistrano3-unicorn (0.2.1)
      capistrano (~> 3.1, >= 3.1.0)
    capybara (2.5.0)
      mime-types (>= 1.16)
      nokogiri (>= 1.3.3)
      rack (>= 1.0.0)
      rack-test (>= 0.5.4)
      xpath (~> 2.0)
    charlock_holmes (0.7.3)
    chronic (0.10.2)
    cityhash (0.8.1)
    climate_control (0.0.3)
      activesupport (>= 3.0)
    cliver (0.3.2)
    cocaine (0.5.8)
      climate_control (>= 0.0.3, < 1.0)
    cocoon (1.2.9)
    coderay (1.1.1)
    coercible (1.0.0)
      descendants_tracker (~> 0.0.1)
    coffee-rails (4.0.1)
      coffee-script (>= 2.2.0)
      railties (>= 4.0.0, < 5.0)
    coffee-react (4.0.0)
      execjs
    coffee-script (2.4.1)
      coffee-script-source
      execjs
    coffee-script-source (1.10.0)
    comma (3.2.4)
      activesupport (>= 3.0.0)
    concurrent-ruby (1.0.2)
    connection_pool (2.2.0)
    countries (0.9.3)
      currencies (~> 0.4.2)
    country_select (1.3.1)
      countries (= 0.9.3)
    crack (0.4.3)
      safe_yaml (~> 1.0.0)
    crass (1.0.2)
    css_parser (1.4.1)
      addressable
    currencies (0.4.2)
    dalli (2.7.6)
    database_cleaner (1.5.3)
    db-query-matchers (0.4.2)
    debug_inspector (0.0.2)
    delighted (1.5.1)
      multi_json
    descendants_tracker (0.0.4)
      thread_safe (~> 0.3, >= 0.3.1)
    devise (3.5.4)
      bcrypt (~> 3.0)
      orm_adapter (~> 0.1)
      railties (>= 3.2.6, < 5)
      responders
      thread_safe (~> 0.1)
      warden (~> 1.2.3)
    devise-encryptable (0.2.0)
      devise (>= 2.1.0)
    diff-lcs (1.2.5)
    docile (1.1.5)
    domain_name (0.5.20160310)
      unf (>= 0.0.5, < 1.0.0)
    doorkeeper (2.2.2)
      railties (>= 3.2)
    draper (2.1.0)
      actionpack (>= 3.0)
      activemodel (>= 3.0)
      activesupport (>= 3.0)
      request_store (~> 1.0)
    easy_translate (0.5.0)
      json
      thread
      thread_safe
    email_spec (2.0.0)
      htmlentities (~> 4.3.3)
      launchy (~> 2.1)
      mail (~> 2.6.3)
    enumerize (1.1.1)
      activesupport (>= 3.2)
    equalizer (0.0.11)
    errbase (0.0.3)
    erubis (2.7.0)
    ethon (0.9.0)
      ffi (>= 1.3.0)
    excon (0.49.0)
    execjs (2.6.0)
    factory_girl (4.7.0)
      activesupport (>= 3.0.0)
    factory_girl_rails (4.7.0)
      factory_girl (~> 4.7.0)
      railties (>= 3.0.0)
    fakeredis (0.5.0)
      redis (~> 3.0)
    faraday (0.9.2)
      multipart-post (>= 1.2, < 3)
    faraday_middleware (0.10.0)
      faraday (>= 0.7.4, < 0.10)
    fast_stack (0.2.0)
    ffaker (2.2.0)
    ffi (1.9.10)
    figaro (1.1.1)
      thor (~> 0.14)
    flamegraph (0.1.0)
      fast_stack
    gabba (1.0.1)
    geocoder (1.3.4)
    geoip (1.4.0)
    git-version-bump (0.15.1)
    globalid (0.3.6)
      activesupport (>= 4.1.0)
    google_contacts_api (0.5.1)
      activesupport
      hashie
      i18n
      json
    google_currency (3.3.0)
      money (~> 6.7)
    googlecharts (1.6.12)
    grape (0.9.0)
      activesupport
      builder
      hashie (>= 2.1.0)
      multi_json (>= 1.3.2)
      multi_xml (>= 0.5.2)
      rack (>= 1.3.0)
      rack-accept
      rack-mount
      virtus (>= 1.0.0)
    grape-appsignal (0.4.1)
      appsignal (> 0.7)
      grape (> 0.6)
    grape-entity (0.4.8)
      activesupport
      multi_json (>= 1.3.2)
    groupdate (2.5.3)
      activesupport (>= 3)
    hairtrigger (0.2.17)
      activerecord (>= 2.3)
      ruby2ruby (~> 2.0)
      ruby_parser (~> 3.7)
    hashdiff (0.3.0)
    hashie (3.4.4)
    hashr (0.0.22)
    her (0.8.1)
      activemodel (>= 3.0.0, <= 4.3.0)
      activesupport (>= 3.0.0, <= 4.3.0)
      faraday (>= 0.8, < 1.0)
      multi_json (~> 1.7)
    highline (1.7.8)
    htmlentities (4.3.4)
    http-cookie (1.0.2)
      domain_name (~> 0.5)
    httparty (0.13.7)
      json (~> 1.8)
      multi_xml (>= 0.5.2)
    i18n (0.7.0)
    i18n-country-translations (1.0.4)
      i18n (~> 0.5)
      railties (>= 3.0.0)
    i18n-js (3.0.0.rc12)
      i18n (~> 0.6, >= 0.6.6)
    i18n-tasks (0.9.5)
      activesupport (>= 4.0.2)
      ast (>= 2.1.0)
      easy_translate (>= 0.5.0)
      erubis
      highline (>= 1.7.3)
      i18n
      parser (>= 2.2.3.0)
      term-ansicolor (>= 1.3.2)
      terminal-table (>= 1.5.1)
    ice_nine (0.11.2)
    identity_cache (0.2.5)
      activerecord (>= 3.2)
      ar_transaction_changes (~> 1.0)
    ie_iframe_cookies (0.2.0)
    imgkit (1.4.2)
    inflection (1.0.0)
    jquery-rails (4.1.1)
      rails-dom-testing (>= 1, < 3)
      railties (>= 4.2.0)
      thor (>= 0.14, < 2.0)
    json (1.8.3)
    jsonpath (0.5.8)
      multi_json
    jwt (1.5.1)
    kaminari (0.16.3)
      actionpack (>= 3.0.0)
      activesupport (>= 3.0.0)
    kgio (2.10.0)
    launchy (2.4.3)
      addressable (~> 2.3)
    legato (0.7.0)
      multi_json
    libv8 (3.16.14.15)
    logstash-event (1.2.02)
    logstasher (0.9.0)
      activerecord (>= 3.0)
      activesupport (>= 3.0)
      logstash-event (~> 1.2.0)
      request_store
    loofah (2.0.3)
      nokogiri (>= 1.5.9)
    luminati (0.0.3)
      faraday (>= 0.9)
      faraday_middleware (>= 0.9)
    mail (2.6.4)
      mime-types (>= 1.16, < 4)
    mechanize (2.7.4)
      domain_name (~> 0.5, >= 0.5.1)
      http-cookie (~> 1.0)
      mime-types (>= 1.17.2, < 3)
      net-http-digest_auth (~> 1.1, >= 1.1.1)
      net-http-persistent (~> 2.5, >= 2.5.2)
      nokogiri (~> 1.6)
      ntlm-http (~> 0.1, >= 0.1.1)
      webrobots (>= 0.0.9, < 0.2)
    memory_profiler (0.9.6)
    meta_request (0.4.0)
      callsite (~> 0.0, >= 0.0.11)
      rack-contrib (~> 1.1)
      railties (>= 3.0.0, < 5.1.0)
    metaclass (0.0.4)
    mime-types (2.99.1)
    mimemagic (0.3.0)
    mini_portile2 (2.0.0)
    minitest (5.8.4)
    mocha (1.1.0)
      metaclass (~> 0.0.1)
    monetize (1.4.0)
      money (~> 6.7)
    money (6.7.1)
      i18n (>= 0.6.4, <= 0.7.0)
      sixarm_ruby_unaccent (>= 1.1.1, < 2)
    money-rails (1.6.1)
      activesupport (>= 3.0)
      monetize (~> 1.4.0)
      money (~> 6.7)
      railties (>= 3.0)
    mono_logger (1.1.0)
    multi_json (1.12.0)
    multi_xml (0.5.5)
    multipart-post (2.0.0)
    net-http-digest_auth (1.4)
    net-http-persistent (2.9.4)
    net-scp (1.2.1)
      net-ssh (>= 2.6.5)
    net-ssh (3.1.1)
    netrc (0.11.0)
    nokogiri (1.6.7.2)
      mini_portile2 (~> 2.0.0.rc2)
    nokogumbo (1.4.7)
      nokogiri
    ntlm-http (0.1.1)
    oauth2 (1.1.0)
      faraday (>= 0.8, < 0.10)
      jwt (~> 1.0, < 1.5.2)
      multi_json (~> 1.3)
      multi_xml (~> 0.5)
      rack (>= 1.2, < 3)
    oj (2.15.0)
    omniauth (1.2.2)
      hashie (>= 1.2, < 4)
      rack (~> 1.0)
    omniauth-google-oauth2 (0.2.10)
      addressable (~> 2.3)
      jwt (~> 1.0)
      multi_json (~> 1.3)
      omniauth (>= 1.1.1)
      omniauth-oauth2 (~> 1.3.1)
    omniauth-oauth2 (1.3.1)
      oauth2 (~> 1.0)
      omniauth (~> 1.2)
    open_uri_redirections (0.1.4)
    orm_adapter (0.5.0)
    paper_trail (3.0.9)
      activerecord (>= 3.0, < 5.0)
      activesupport (>= 3.0, < 5.0)
    paperclip (4.3.6)
      activemodel (>= 3.2.0)
      activesupport (>= 3.2.0)
      cocaine (~> 0.5.5)
      mime-types
      mimemagic (= 0.3.0)
    paranoia (2.1.5)
      activerecord (~> 4.0)
    parser (2.3.1.0)
      ast (~> 2.2)
    pdfkit (0.6.2)
    pg (0.18.4)
    polish (0.1.6)
      bundler
      i18n
      rake
    poltergeist (1.6.0)
      capybara (~> 2.1)
      cliver (~> 0.3.1)
      multi_json (~> 1.0)
      websocket-driver (>= 0.2.0)
    polyamorous (1.3.0)
      activerecord (>= 3.0)
    powder (0.3.0)
      thor (>= 0.11.5)
    powerpack (0.1.1)
    premailer (1.8.6)
      css_parser (>= 1.3.6)
      htmlentities (>= 4.0.0)
    premailer-rails (1.9.2)
      actionmailer (>= 3, < 6)
      premailer (~> 1.7, >= 1.7.9)
    protected_attributes (1.0.9)
      activemodel (>= 4.0.1, < 5.0)
    public_suffix (1.5.3)
    quiet_assets (1.1.0)
      railties (>= 3.1, < 5.0)
    rack (1.6.4)
    rack-accept (0.4.5)
      rack (>= 0.4)
    rack-attack (4.3.1)
      rack
    rack-contrib (1.4.0)
      git-version-bump (~> 0.15)
      rack (~> 1.4)
    rack-mini-profiler (0.9.9.2)
      rack (>= 1.2.0)
    rack-mount (0.8.3)
      rack (>= 1.0.0)
    rack-protection (1.5.3)
      rack
    rack-request_police (0.1.0alpha2)
    rack-ssl-enforcer (0.2.9)
    rack-test (0.6.3)
      rack (>= 1.0)
    rails (4.2.5.2)
      actionmailer (= 4.2.5.2)
      actionpack (= 4.2.5.2)
      actionview (= 4.2.5.2)
      activejob (= 4.2.5.2)
      activemodel (= 4.2.5.2)
      activerecord (= 4.2.5.2)
      activesupport (= 4.2.5.2)
      bundler (>= 1.3.0, < 2.0)
      railties (= 4.2.5.2)
      sprockets-rails
    rails-deprecated_sanitizer (1.0.3)
      activesupport (>= 4.2.0.alpha)
    rails-dom-testing (1.0.7)
      activesupport (>= 4.2.0.beta, < 5.0)
      nokogiri (~> 1.6.0)
      rails-deprecated_sanitizer (>= 1.0.1)
    rails-html-sanitizer (1.0.3)
      loofah (~> 2.0)
    rails-observers (0.1.2)
      activemodel (~> 4.0)
    railties (4.2.5.2)
      actionpack (= 4.2.5.2)
      activesupport (= 4.2.5.2)
      rake (>= 0.8.7)
      thor (>= 0.18.1, < 2.0)
    rainbow (2.1.0)
    raindrops (0.16.0)
    rake (11.1.2)
    ransack (1.7.0)
      actionpack (>= 3.0)
      activerecord (>= 3.0)
      activesupport (>= 3.0)
      i18n
      polyamorous (~> 1.2)
    rchardet (1.6.1)
    react-rails (1.7.0)
      babel-transpiler (>= 0.7.0)
      coffee-script-source (~> 1.8)
      connection_pool
      execjs
      rails (>= 3.2)
      tilt
    redis (3.2.2)
    redis-namespace (1.5.2)
      redis (~> 3.0, >= 3.0.4)
    redis-objects (1.0.1)
      redis (>= 3.0.2)
    ref (2.0.0)
    referer-parser (0.3.0)
    request_store (1.3.1)
    responders (2.2.0)
      railties (>= 4.2.0, < 5.1)
    resque (1.25.2)
      mono_logger (~> 1.0)
      multi_json (~> 1.0)
      redis-namespace (~> 1.3)
      sinatra (>= 0.9.2)
      vegas (~> 0.1.2)
    resque-cleaner (0.3.2)
      resque (~> 1.0)
    resque-metrics (0.1.1)
      resque (~> 1.19)
    resque-retry (1.4.0)
      resque (~> 1.25)
      resque-scheduler (~> 4.0)
    resque-scheduler (4.2.0)
      mono_logger (~> 1.0)
      redis (~> 3.0)
      resque (~> 1.25)
      rufus-scheduler (~> 3.2)
    resque-uniq (0.0.11)
    resque-waiting-room (0.2.3)
    resque_mailer (2.2.7)
      actionmailer (>= 3.0)
    resque_spec (0.17.0)
      resque (>= 1.19.0)
      rspec-core (>= 3.0.0)
      rspec-expectations (>= 3.0.0)
      rspec-mocks (>= 3.0.0)
    rest-client (1.8.0)
      http-cookie (>= 1.0.2, < 2.0)
      mime-types (>= 1.16, < 3.0)
      netrc (~> 0.7)
    rspec-collection_matchers (1.1.2)
      rspec-expectations (>= 2.99.0.beta1)
    rspec-core (3.4.4)
      rspec-support (~> 3.4.0)
    rspec-expectations (3.4.0)
      diff-lcs (>= 1.2.0, < 2.0)
      rspec-support (~> 3.4.0)
    rspec-its (1.2.0)
      rspec-core (>= 3.0.0)
      rspec-expectations (>= 3.0.0)
    rspec-mocks (3.4.1)
      diff-lcs (>= 1.2.0, < 2.0)
      rspec-support (~> 3.4.0)
    rspec-rails (3.4.2)
      actionpack (>= 3.0, < 4.3)
      activesupport (>= 3.0, < 4.3)
      railties (>= 3.0, < 4.3)
      rspec-core (~> 3.4.0)
      rspec-expectations (~> 3.4.0)
      rspec-mocks (~> 3.4.0)
      rspec-support (~> 3.4.0)
    rspec-support (3.4.1)
    rubocop (0.39.0)
      parser (>= 2.3.0.7, < 3.0)
      powerpack (~> 0.1)
      rainbow (>= 1.99.1, < 3.0)
      ruby-progressbar (~> 1.7)
      unicode-display_width (~> 1.0, >= 1.0.1)
    ruby-progressbar (1.8.0)
    ruby2ruby (2.3.0)
      ruby_parser (~> 3.1)
      sexp_processor (~> 4.0)
    ruby_parser (3.8.2)
      sexp_processor (~> 4.1)
    rubyzip (1.2.0)
    rufus-scheduler (3.2.1)
    rvm1-capistrano3 (1.4.0)
      capistrano (~> 3.0)
      sshkit (>= 1.2)
    safe_yaml (1.0.4)
    sanitize (4.0.1)
      crass (~> 1.0.2)
      nokogiri (>= 1.4.4)
      nokogumbo (~> 1.4.1)
    sass (3.4.22)
    sassc (1.9.0)
      bundler
      ffi (~> 1.9.6)
      sass (>= 3.3.0)
    sassc-rails (1.2.1)
      railties (>= 4.0.0)
      sass
      sassc (~> 1.9)
      sprockets (> 2.11)
      sprockets-rails
      tilt
    scrub_rb (1.0.1)
    sexp_processor (4.7.0)
    shopify_api (4.2.0)
      activeresource
      rack
    shoulda-matchers (3.1.1)
      activesupport (>= 4.0.0)
    sidekiq (4.1.1)
      concurrent-ruby (~> 1.0)
      connection_pool (~> 2.2, >= 2.2.0)
      redis (~> 3.2, >= 3.2.1)
    sidekiq-oj (0.1.0)
      oj (>= 2.14)
      sidekiq (>= 4.0.0)
    simplecov (0.11.2)
      docile (~> 1.1.0)
      json (~> 1.8)
      simplecov-html (~> 0.10.0)
    simplecov-html (0.10.0)
    simpleidn (0.0.7)
    sinatra (1.4.7)
      rack (~> 1.5)
      rack-protection (~> 1.4)
      tilt (>= 1.3, < 3)
    sixarm_ruby_unaccent (1.1.1)
    slack-notifier (1.5.1)
    slackistrano (2.0.1)
      capistrano (>= 3.0.1)
      json
    spring (1.7.1)
    spring-commands-rspec (1.0.4)
      spring (>= 0.9.1)
    sprockets (3.6.0)
      concurrent-ruby (~> 1.0)
      rack (> 1, < 3)
    sprockets-coffee-react (3.4.1)
      coffee-react (>= 3.4.0)
      coffee-script
      sprockets
      tilt
    sprockets-rails (3.0.4)
      actionpack (>= 4.0)
      activesupport (>= 4.0)
      sprockets (>= 3.0.0)
    sshkit (1.10.0)
      net-scp (>= 1.1.2)
      net-ssh (>= 2.8.0)
    stackprof (0.2.9)
    state_machines (0.4.0)
    state_machines-activemodel (0.3.0)
      activemodel (~> 4.1)
      state_machines (>= 0.4.0)
    state_machines-activerecord (0.3.0)
      activerecord (~> 4.1)
      state_machines-activemodel (>= 0.3.0)
    stringex (2.5.2)
    stripe (1.42.0)
      rest-client (~> 1.4)
    stripe_event (1.3.0)
      activesupport (>= 3.1)
      stripe (~> 1.6)
    stripe_tester (0.5.0)
    term-ansicolor (1.3.2)
      tins (~> 1.0)
    terminal-table (1.5.2)
    therubyracer (0.12.2)
      libv8 (~> 3.16.14.0)
      ref
    thor (0.19.1)
    thread (0.2.2)
    thread_safe (0.3.5)
    tilt (2.0.2)
    timecop (0.8.1)
    tins (1.10.1)
    tire (0.6.2)
      activemodel (>= 3.0)
      activesupport
      ansi
      hashr (~> 0.0.19)
      multi_json (~> 1.3)
      rake
      rest-client (~> 1.6)
    typhoeus (0.7.3)
      ethon (>= 0.7.4)
    tzinfo (1.2.2)
      thread_safe (~> 0.1)
    uglifier (2.7.2)
      execjs (>= 0.3.0)
      json (>= 1.8.0)
    unf (0.1.4)
      unf_ext
    unf_ext (0.0.7.2)
    unicode (0.4.4.2)
    unicode-display_width (1.0.5)
    unicorn (5.0.1)
      kgio (~> 2.6)
      rack
      raindrops (~> 0.7)
    user_agent_parser (2.3.0)
    uuidtools (2.1.5)
    vcr (3.0.1)
    vegas (0.1.11)
      rack (>= 1.0.0)
    virtus (1.0.5)
      axiom-types (~> 0.1)
      coercible (~> 1.0)
      descendants_tracker (~> 0.0, >= 0.0.3)
      equalizer (~> 0.0, >= 0.0.9)
    warden (1.2.6)
      rack (>= 1.0)
    webmock (2.0.1)
      addressable (>= 2.3.6)
      crack (>= 0.3.2)
      hashdiff
    webrobots (0.1.2)
    websocket-driver (0.6.3)
      websocket-extensions (>= 0.1.0)
    websocket-extensions (0.1.2)
    whenever (0.9.4)
      chronic (>= 0.6.3)
    whois (3.6.5)
      activesupport (>= 3)
    wicked (1.0.3)
      rails (>= 3.0.7)
    will_paginate (3.0.7)
    will_paginate-bootstrap (1.0.1)
      will_paginate (>= 3.0.3)
    xpath (2.0.0)
      nokogiri (~> 1.3)
    zendesk_api (1.13.4)
      faraday (~> 0.9)
      hashie (>= 1.2, < 4.0, != 3.3.0)
      inflection
      mime-types (~> 2.99)
      multipart-post (~> 2.0)
      scrub_rb (~> 1.0.1)

PLATFORMS
  ruby

DEPENDENCIES
  PageRankr (~> 4.2.0)
  active_link_to (~> 1.0.3)
  active_model_serializers (~> 0.9.3)
  active_record_query_trace
  active_type
  activerecord-import (~> 0.11.0)
  activesupport-json_encoder (~> 1.1.0)
  addressable (~> 2.4)
  ahoy_matey
  airbrake (~> 4.0.0)
  annotate
  appsignal
  awesome_print (~> 1.6.1)
  aws-sdk (~> 1.49.0)
  basecrm
  better_errors
  binding_of_caller
  bloomfilter-rb
  browser (~> 0.7.0)
  browserify-rails (~> 1.0.1)
  bundler-audit
  byebug
  cancancan (~> 1.9.1)
  capistrano (~> 3.3.3)
  capistrano-ext
  capistrano-figaro-yml (~> 1.0.2)
  capistrano-nvm (~> 0.0.6)
  capistrano-rails (~> 1.1)
  capistrano3-unicorn
  capybara (= 2.5.0)
  charlock_holmes
  cityhash (~> 0.8.1)
  cocoon (~> 1.2.6)
  coffee-rails (~> 4.0.1)
  comma (~> 3.2.1)
  country_select (~> 1.3.1)
  dalli (~> 2.7.1)
  database_cleaner (~> 1.5.1)
  db-query-matchers (~> 0.4.0)
  delighted
  devise (= 3.5.4)
  devise-encryptable (= 0.2.0)
  doorkeeper (~> 2.2.1)
  draper (~> 2.1)
  easy_translate
  email_spec (~> 2.0.0)
  enumerize
  excon (~> 0.46)
  factory_girl_rails
  fakeredis (~> 0.5.0)
  ffaker
  figaro (~> 1.1.1)
  flamegraph (~> 0.1.0)
  gabba
  geoip (~> 1.4.0)
  google_contacts_api (~> 0.5.1)
  google_currency
  googlecharts (~> 1.6.6)
  grape (~> 0.9.0)
  grape-appsignal (~> 0.4.1)
  grape-entity (~> 0.4.4)
  groupdate
  hairtrigger
  her (~> 0.8.1)
  i18n-country-translations (~> 1.0.2)
  i18n-js (>= 3.0.0.rc11)
  i18n-tasks
  identity_cache (~> 0.2.1)
  ie_iframe_cookies
  imgkit (~> 1.4.1)
  jquery-rails
  json (~> 1.8.1)
  jwt (~> 1.5.0)
  kaminari
  launchy (~> 2.4.3)
  legato
  logstasher
  luminati
  mechanize
  memory_profiler (~> 0.9.6)
  meta_request
  mocha (~> 1.1.0)
  money-rails
  nokogiri (~> 1.6.7.2)
  oauth2
  oj
  omniauth (~> 1.2.2)
  omniauth-google-oauth2 (~> 0.2.6)
  open_uri_redirections (~> 0.1.4)
  paper_trail (~> 3.0.5)
  paperclip (~> 4.3.6)
  paranoia (~> 2.1.5)
  pdfkit (~> 0.6.2)
  pg (~> 0.18.2)
  polish (>= 0.1.0)
  poltergeist (~> 1.6.0)
  powder
  premailer-rails
  protected_attributes (~> 1.0.8)
  quiet_assets
  rack-attack (~> 4.3.1)
  rack-contrib
  rack-mini-profiler
  rack-request_police
  rack-ssl-enforcer (~> 0.2.8)
  rails (= 4.2.5.2)
  rails-observers (~> 0.1.2)
  ransack (= 1.7.0)
  rchardet
  react-rails (~> 1.5)
  redis (~> 3.2.2)
  redis-namespace
  redis-objects (~> 1.0.0)
  responders (~> 2.0)
  resque (~> 1.25.2)
  resque-cleaner (~> 0.3.0)
  resque-metrics (~> 0.1.1)
  resque-retry (~> 1.4.0)
  resque-uniq (~> 0.0.11)
  resque-waiting-room (~> 0.2.3)
  resque_mailer (~> 2.2.6)
  resque_spec (= 0.17.0)
  rest-client
  rspec-collection_matchers (~> 1.1.2)
  rspec-its (~> 1.2.0)
  rspec-rails (= 3.4.2)
  rubocop
  rubyzip
  rvm1-capistrano3
  sanitize
  sassc-rails
  shopify_api
  shoulda-matchers
  sidekiq (= 4.1.1)
  sidekiq-oj
  simplecov
  simpleidn
  sinatra (~> 1.4.3)
  slack-notifier
  slackistrano
  spring
  spring-commands-rspec
  sprockets-coffee-react (~> 3.0)
  stackprof
  state_machines-activerecord
  stringex (~> 2.5.2)
  stripe
  stripe_event (~> 1.3.0)
  stripe_tester
  therubyracer (~> 0.12.2)
  timecop (~> 0.8.0)
  tire (~> 0.6.2)
  typhoeus (~> 0.7.1)
  uglifier (~> 2.7.2)
  unicode
  unicorn (~> 5.0.1)
  vcr
  webmock
  whenever
  whois
  wicked (~> 1.0.2)
  will_paginate (~> 3.0.7)
  will_paginate-bootstrap
  zendesk_api

BUNDLED WITH
   1.11.2
